GEM
  remote: https://rubygems.org/
  specs:
    bitters (0.10.0)
      bourbon (>= 3.2)
      sass (>= 3.2)
      thor
    bourbon (4.0.2)
      sass (~> 3.3)
      thor
    breakpoint (2.4.1)
      compass (~> 1.0.0.alpha.13)
      sass (~> 3.3.0.rc.2)
      sassy-maps (< 1.0.0)
    chunky_png (1.3.1)
    compass (1.0.0.alpha.19)
      chunky_png (~> 1.2)
      compass-core (~> 1.0.0.alpha.19)
      compass-import-once (~> 1.0.3)
      json
      listen (~> 1.1.0)
      sass (>= 3.3.0, < 3.5)
    compass-core (1.0.0.alpha.19)
      multi_json (~> 1.0)
      sass (>= 3.3.0, < 3.5)
    compass-import-once (1.0.4)
      sass (>= 3.2, < 3.5)
    ffi (1.9.3)
    font-awesome-sass (4.1.0)
      sass (~> 3.2)
    json (1.8.1)
    listen (1.1.6)
      rb-fsevent (>= 0.9.3)
      rb-inotify (>= 0.9)
      rb-kqueue (>= 0.2)
    multi_json (1.10.1)
    neat (1.6.0)
      bourbon (>= 3.1)
      sass (>= 3.3)
    rb-fsevent (0.9.4)
    rb-inotify (0.9.5)
      ffi (>= 0.5.0)
    rb-kqueue (0.2.3)
      ffi (>= 0.5.0)
    sass (3.3.8)
    sassy-maps (0.4.0)
      sass (~> 3.3)
    singularitygs (1.2.0.rc.6)
      breakpoint (~> 2.4)
      compass (~> 1.0.0.alpha.13)
      sass (~> 3.3.0.rc.2)
    thor (0.19.1)

PLATFORMS
  ruby

DEPENDENCIES
  bitters (= 0.10.0)
  bourbon (= 4.0.2)
  breakpoint (= 2.4.1)
  font-awesome-sass (= 4.1.0)
  neat (= 1.6.0)
  singularitygs (= 1.2.0.rc.6)
